{
  "TaskName": "GoNoGo",
  "TaskDescription": "During the Go-NoGo task, participant have to respond to certain visual cues (Go trials), while withholding response to others (NoGo trials). Squares or circles are used as stimuli, the assignment to Go and NoGo stimuli is counterbalanced across subjects. Go trials are presented more frequently (66 %) than NoGo trials, the order is randomized across all block. Each block consists of 252 trials. Participants complete a short practice and then two blocks of the task, that only differ in their instructions: In the first task block, participants are instructed to perform as fast and correct as possible. In the second block, participants are instructed that they should be as relaxed as possible, while responding correctly, and that relaxation is more important than correct performance. The order of the blocks is counterbalanced across participants.",
  "CogAtlasID": "n/a",
  "CogPOID": "n/a",
  "OrganisingIstitution": "CoScience - Hamburg University",
  "RecordingInstitution": "University Hamburg Lab Riesel",
  "InstitutionalDepartmentName": "Dept. of Psychology",
  "SamplingFrequency": 500,
  "EEGChannelCount": 61,
  "EOGChannelCount": 2,
  "ECGChannelCount": "1",
  "EMGChannelCount": 0,
  "EEGReference": "FCZ",
  "PowerLineFrequency": 50,
  "EEGGround": "FPZ",
  "EEGPlacementScheme": "10-20",
  "Manufacturer": "BrainVision ActiChamp Plus",
  "CapManufacturer": "ActiCap Slim electrodes in ActiCap Snap holders",
  "HardwareFilters": "LowPass with 5th order Butterworth filter at 250 Hz, 30 dB",
  "SoftwareFilters": "Not Applied",
  "RecordingType": "continous",
  "SoftwareVersions": "BrainVision Recorder Professional   -   V. 1.23.0004"
}